GIT
  remote: git://github.com/gleuch/sinatra-content-for.git
  revision: fa1a84729f9bb3e42d92516aaf020557b805ff37
  specs:
    sinatra-content-for (0.2)
      sinatra

GEM
  remote: https://rubygems.org/
  specs:
    activemodel (3.2.15)
      activesupport (= 3.2.15)
      builder (~> 3.0.0)
    activerecord (3.2.15)
      activemodel (= 3.2.15)
      activesupport (= 3.2.15)
      arel (~> 3.0.2)
      tzinfo (~> 0.3.29)
    activesupport (3.2.15)
      i18n (~> 0.6, >= 0.6.4)
      multi_json (~> 1.0)
    arel (3.0.2)
    builder (3.0.4)
    configatron (2.13.0)
      yamler (>= 0.1.0)
    crack (0.4.1)
      safe_yaml (~> 0.9.0)
    daemons (1.0.10)
    diff-lcs (1.2.4)
    friendly_id (4.0.10.1)
      activerecord (>= 3.0, < 4.0)
    gem_plugin (0.2.3)
    haml (4.0.3)
      tilt
    i18n (0.6.5)
    json (1.8.1)
    mongrel (1.2.0.pre2)
      daemons (~> 1.0.10)
      gem_plugin (~> 0.2.3)
    multi_json (1.8.2)
    mysql2 (0.3.13)
    r18n-core (1.1.7)
    rack (1.5.2)
    rack-protection (1.5.1)
      rack
    rack-test (0.6.2)
      rack (>= 1.0)
    rake (10.1.0)
    rspec (2.14.1)
      rspec-core (~> 2.14.0)
      rspec-expectations (~> 2.14.0)
      rspec-mocks (~> 2.14.0)
    rspec-core (2.14.6)
    rspec-expectations (2.14.3)
      diff-lcs (>= 1.1.3, < 2.0)
    rspec-mocks (2.14.4)
    safe_yaml (0.9.7)
    shotgun (0.9)
      rack (>= 1.0)
    sinatra (1.4.4)
      rack (~> 1.4)
      rack-protection (~> 1.4)
      tilt (~> 1.3, >= 1.3.4)
    sinatra-activerecord (1.2.3)
      activerecord (>= 3.0)
      sinatra (~> 1.0)
    sinatra-flash (0.3.0)
      sinatra (>= 1.0.0)
    sinatra-r18n (1.1.7)
      r18n-core (= 1.1.7)
      sinatra (>= 1.3)
    sinatra-respond_to (0.9.0)
      sinatra (~> 1.3)
    tilt (1.4.1)
    tzinfo (0.3.38)
    will_paginate (3.0.5)
    yamler (0.1.0)

PLATFORMS
  ruby

DEPENDENCIES
  activerecord (= 3.2.15)
  configatron (= 2.13.0)
  crack (= 0.4.1)
  friendly_id (= 4.0.10.1)
  haml (= 4.0.3)
  json (= 1.8.1)
  mongrel (= 1.2.0.pre2)
  mysql2 (= 0.3.13)
  rack (= 1.5.2)
  rack-test (= 0.6.2)
  rake (= 10.1.0)
  rspec (= 2.14.1)
  shotgun (= 0.9)
  sinatra (= 1.4.4)
  sinatra-activerecord (= 1.2.3)
  sinatra-content-for (= 0.2)!
  sinatra-flash (= 0.3.0)
  sinatra-r18n (= 1.1.7)
  sinatra-respond_to (= 0.9.0)
  will_paginate (= 3.0.5)
